GEM
  remote: http://rubygems.org/
  specs:
    activesupport (3.1.3)
      multi_json (~> 1.0)
    couchbase (0.9.8)
      curb (~> 0.7.15)
      memcached (~> 1.3)
      yaji (~> 0.0.9)
      yajl-ruby (~> 0.8.2)
    curb (0.7.16)
    memcached (1.3.5)
    multi_json (1.0.4)
    yaji (0.0.10)
    yajl-ruby (0.8.3)

PLATFORMS
  ruby

DEPENDENCIES
  activesupport
  couchbase (= 0.9.8)
