GIT
  remote: git://github.com/couchbase/couchbase-ruby-client.git
  revision: de0885eaa70f22f51daf659d3fb3d361abe47c8f
  specs:
    couchbase-ruby-client (0.9.3)
      curb (~> 0.7.15)
      memcached (~> 1.2.7)
      will_paginate (~> 2.3)
      yajl-ruby (~> 0.8.2)

GEM
  remote: http://rubygems.org/
  specs:
    active_support (3.0.0)
      activesupport (= 3.0.0)
    activesupport (3.0.0)
    curb (0.7.15)
    memcached (1.2.7.1)
    will_paginate (2.3.15)
    yajl-ruby (0.8.2)

PLATFORMS
  ruby

DEPENDENCIES
  active_support
  couchbase-ruby-client!
