GEM
  remote: http://rubygems.org/
  specs:
    couchbase (1.2.0.dp)
      yaji (~> 0.2.3)
      yajl-ruby (~> 1.1.0)
    yaji (0.2.3)
    yajl-ruby (1.1.0)

PLATFORMS
  ruby

DEPENDENCIES
  couchbase (~> 1.2.0.dp)
