GEM
  remote: http://rubygems.org/
  specs:
    activesupport (3.1.3)
      multi_json (~> 1.0)
    couchbase (1.0.0)
      yajl-ruby (~> 1.1.0)
    multi_json (1.0.4)
    yajl-ruby (1.1.0)

PLATFORMS
  ruby

DEPENDENCIES
  activesupport
  couchbase (= 1.0.0)
